GEM
  remote: https://rubygems.org/
  specs:
    addressable (2.5.1)
      public_suffix (~> 2.0, >= 2.0.2)
    colorize (0.8.1)
    commonmarker (0.14.15)
      ruby-enum (~> 0.5)
    concurrent-ruby (1.0.5)
    configatron (4.5.1)
    crack (0.4.3)
      safe_yaml (~> 1.0.0)
    diff-lcs (1.3)
    faraday (0.13.1)
      multipart-post (>= 1.2, < 3)
    github-markup (1.6.1)
    hashdiff (0.3.6)
    i18n (0.9.0)
      concurrent-ruby (~> 1.0)
    json (1.8.6)
    multipart-post (2.0.0)
    octokit (4.7.0)
      sawyer (~> 0.8.0, >= 0.5.3)
    public_suffix (2.0.5)
    rake (12.3.3)
    releasinator (0.7.6)
      colorize (~> 0.7)
      configatron (~> 4.5)
      json (~> 1.8)
      octokit (~> 4.0)
      semantic (~> 1.4)
      vandamme (~> 0.0.11)
    rspec (3.6.0)
      rspec-core (~> 3.6.0)
      rspec-expectations (~> 3.6.0)
      rspec-mocks (~> 3.6.0)
    rspec-core (3.6.0)
      rspec-support (~> 3.6.0)
    rspec-expectations (3.6.0)
      diff-lcs (>= 1.2.0, < 2.0)
      rspec-support (~> 3.6.0)
    rspec-mocks (3.6.0)
      diff-lcs (>= 1.2.0, < 2.0)
      rspec-support (~> 3.6.0)
    rspec-support (3.6.0)
    ruby-enum (0.7.1)
      i18n
    safe_yaml (1.0.4)
    sawyer (0.8.1)
      addressable (>= 2.3.5, < 2.6)
      faraday (~> 0.8, < 1.0)
    semantic (1.6.0)
    vandamme (0.0.12)
      commonmarker (~> 0.14.14)
      github-markup (~> 1.3)
    webmock (3.0.1)
      addressable (>= 2.3.6)
      crack (>= 0.3.2)
      hashdiff

PLATFORMS
  ruby

DEPENDENCIES
  rake
  releasinator (= 0.7.6)
  rspec
  webmock

BUNDLED WITH
   1.15.4
